PATH
  remote: .
  specs:
    terminal_cal (0.1.0)
      ics_parser (~> 0.0.4)
      table_print (~> 1.5)

GEM
  remote: https://rubygems.org/
  specs:
    coderay (1.1.2)
    ics_parser (0.0.4)
    method_source (0.9.2)
    minitest (5.11.3)
    pry (0.12.2)
      coderay (~> 1.1.0)
      method_source (~> 0.9.0)
    rake (10.5.0)
    table_print (1.5.6)

PLATFORMS
  ruby

DEPENDENCIES
  bundler (~> 2.0)
  minitest (~> 5.0)
  pry (~> 0.12.2)
  rake (~> 10.0)
  terminal_cal!

BUNDLED WITH
   2.0.1
